PATH
  remote: .
  specs:
    radwhere_auth (0.0.1)
      nokogiri

GEM
  remote: http://rubygems.org/
  specs:
    fakeweb (1.3.0)
    minitest (4.6.1)
    nokogiri (1.5.6)

PLATFORMS
  ruby

DEPENDENCIES
  fakeweb
  minitest
  radwhere_auth!
